GIT
  remote: git://github.com/SassMeister/ruby-compiler.git
  revision: 7426bba537f366f59010dff47675a273c317724b
  specs:
    sassmeister (0.0.1)
      dalli (~> 2.6.4)
      memcachier (~> 0.0.2)
      rack-cache (~> 1.2)

GIT
  remote: git://github.com/rack/rack-contrib.git
  revision: 34062096a468b5d9adac87692599d4974ea69f15
  specs:
    rack-contrib (1.2.0)
      rack (>= 0.9.1)

GEM
  remote: http://rubygems.org/
  specs:
    Sassifaction (0.0.4)
      compass (>= 0.12.1)
      sass (>= 3.2.0)
    SassyBitwise (1.1.2)
      sass (>= 3.3)
    SassyCast (1.1.1)
    SassyJSON (1.1.8)
    SassyLists (2.2.1)
      sass (~> 3.3)
    SassyMatrix (1.0.1)
    SassySort (1.0.0)
    SassyStrings (1.1.4)
      compass (>= 1.0.0.alpha.18)
      sass (>= 3.4)
    autoprefixer-rails (5.1.11)
      execjs
      json
    base.sass (1.6.0)
      sass (>= 3.3, < 3.5)
    bitters-compass (0.10.0)
      bourbon-compass (>= 3.1.3)
      compass (>= 0.11)
      neat-compass (>= 1.4.0)
      sass (>= 3.2)
    bootstrap-sass (3.3.4.1)
      autoprefixer-rails (>= 5.0.0.1)
      sass (>= 3.2.19)
    bourbon-compass (4.0.2)
      compass (>= 0.13.alpha.10)
      sass (~> 3.3)
    breakpoint (2.5.0)
      sass (~> 3.3)
      sassy-maps (< 1.0.0)
    breakpoint-slicer (1.3.6)
      breakpoint (>= 2.0.1)
      compass (>= 0.12.2)
      sass (>= 3.2.1)
    breakup (1.0.2)
      compass (>= 0.12.2)
      sass (>= 3.2.0)
    ceaser-easing (0.7)
      compass (>= 0.12.2)
      rake
    chunky_png (1.3.4)
    coderay (1.1.0)
    color-hacker (1.0.0)
      compass (>= 0.11)
    color-schemer (0.2.8)
      compass-blend-modes (~> 0.0.2)
    compass (1.0.3)
      chunky_png (~> 1.2)
      compass-core (~> 1.0.2)
      compass-import-once (~> 1.0.5)
      rb-fsevent (>= 0.9.3)
      rb-inotify (>= 0.9)
      sass (>= 3.3.13, < 3.5)
    compass-blend-modes (0.0.2)
      compass
    compass-core (1.0.3)
      multi_json (~> 1.0)
      sass (>= 3.3.0, < 3.5)
    compass-import-once (1.0.5)
      sass (>= 3.2, < 3.5)
    compass-inuit (5.0.2)
      compass (>= 0.12.2)
    compass-photoshop-drop-shadow (0.0.1)
      compass
    compass-placeholders (1.1.1)
      compass
    compass-yiq-color-contrast (1.1.1)
      compass
      sass
    css-slideshow (0.2.0)
      compass (>= 0.10.0.rc3)
    dalli (2.6.4)
    execjs (2.5.2)
    fakeredis (0.5.0)
      redis (~> 3.0)
    fancy-buttons (1.2.0)
      compass (>= 0.11)
    ffi (1.9.0)
    fittext (0.0.5)
      compass (>= 0.10.0.rc3)
    flint-gs (2.2.0)
      sass (~> 3.4)
    grid-coordinates (1.2.0)
      compass (>= 0.11.5)
    guff-compass (1.0.0)
      compass (>= 0.11)
      sass (>= 3.2)
    harsh (1.0.0)
      compass (>= 0.10.0.rc3)
    jacket (1.0.0)
      compass (>= 0.12.2)
      sass (>= 3.2.0)
    json (1.8.2)
    kgio (2.9.3)
    memcachier (0.0.2)
    method_source (0.8.2)
    modular-scale (2.0.6)
      compass (>= 0.12.0)
    multi_json (1.11.0)
    neat-compass (1.6.0)
      bourbon-compass (>= 3.1.3)
      compass (>= 0.11)
      sass (>= 3.3)
    newrelic_rpm (3.12.0.288)
    normalize-scss (3.0.2)
      compass-core (~> 1.0, >= 1.0.0)
      sass (~> 3.3, >= 3.3.0)
    pry (0.10.1)
      coderay (~> 1.1.0)
      method_source (~> 0.8.1)
      slop (~> 3.4)
    pry-remote (0.1.8)
      pry (~> 0.9)
      slop (~> 3.0)
    quotation-marks (0.1.1)
      sass (>= 3.3)
    rack (1.6.1)
    rack-cache (1.2)
      rack (>= 0.4)
    rack-protection (1.5.3)
      rack
    rack-test (0.6.3)
      rack (>= 1.0)
    raindrops (0.13.0)
    rake (10.4.2)
    rb-fsevent (0.9.4)
    rb-inotify (0.9.5)
      ffi (>= 0.5.0)
    redis (3.2.1)
    responsive-modular-scale (0.2.1)
      modular-scale (>= 2.0.4)
    responsive-sass (0.1.1)
      compass (>= 0.11)
    rwdcalc (0.0.2)
      compass (>= 0.12.2)
      sass (>= 3.2.1)
    salsa (0.0.1)
      compass (>= 0.12.1)
      sass (>= 3.2.0)
    sass (3.4.13)
    sass-a11y (0.1.0)
      sass (~> 3.4)
      sassy-math (~> 1.5)
    sassy-buttons (0.2.6)
      compass (>= 0.12.2)
    sassy-maps (0.4.0)
      sass (~> 3.3)
    sassy-math (1.5.1)
      compass (>= 0.11)
    sassy-text-shadow (0.0.4)
      compass (>= 0.11.5)
    scut (1.1.3)
      sass (~> 3.2, >= 3.2.0)
    sinatra (1.4.6)
      rack (~> 1.4)
      rack-protection (~> 1.4)
      tilt (>= 1.3, < 3)
    singularity-extras (1.0.0)
      modular-scale (~> 2.0)
      singularitygs (~> 1.2)
    singularity-golden-grid (1.1)
      sass (>= 3.2.1)
      singularitygs (>= 1.1.1)
    singularity-quick-spanner (0.1.3)
      breakpoint (>= 2.4.2)
      breakpoint-slicer (>= 1.3.4)
      sass (>= 3.3.0)
      singularitygs (>= 1.2.1)
    singularitygs (1.6.2)
      breakpoint (~> 2.4)
      sass (~> 3.3)
    slop (3.6.0)
    stipe (0.0.6.4)
      compass (>= 0.11)
      sass (>= 3.2.1)
    stitch (0.1.4)
      compass
    susy (2.2.5)
      sass (>= 3.3.0, < 3.5)
    thor (0.19.1)
    tilt (2.0.1)
    toolkit (2.9.0)
      sass (~> 3.3)
    unicorn (4.9.0)
      kgio (~> 2.6)
      rack
      raindrops (~> 0.7)
    zen-grids (1.4)
      sass (>= 3.1)

PLATFORMS
  ruby

DEPENDENCIES
  Sassifaction
  SassyBitwise
  SassyCast
  SassyJSON
  SassyLists (= 2.2.1)
  SassyMatrix
  SassySort
  SassyStrings
  base.sass
  bitters-compass
  bootstrap-sass
  breakpoint
  breakpoint-slicer
  breakup
  ceaser-easing
  color-hacker
  color-schemer
  compass (~> 1.0.0.alpha.18)
  compass-blend-modes
  compass-inuit
  compass-photoshop-drop-shadow
  compass-placeholders
  compass-yiq-color-contrast
  css-slideshow
  fakeredis
  fancy-buttons
  ffi (= 1.9.0)
  fittext
  flint-gs
  grid-coordinates
  guff-compass
  harsh
  jacket
  modular-scale
  neat-compass
  newrelic_rpm
  normalize-scss (~> 3.0.0.alpha.1)
  pry-remote
  quotation-marks
  rack-contrib!
  rack-test
  rake
  redis
  responsive-modular-scale
  responsive-sass
  rwdcalc
  salsa
  sass (~> 3.4.0.rc.1)
  sass-a11y
  sassmeister!
  sassy-buttons
  sassy-maps
  sassy-math
  sassy-text-shadow
  scut
  sinatra
  singularity-extras (~> 1.0.0.alpha.3)
  singularity-golden-grid
  singularity-quick-spanner
  singularitygs
  stipe
  stitch
  susy
  thor
  toolkit
  unicorn
  zen-grids
